GEM
  remote: https://rubygems.org/
  specs:
    byebug (11.1.3)
    mustermann (3.0.0)
      ruby2_keywords (~> 0.0.1)
    rack (2.2.6.4)
    rack-protection (3.0.5)
      rack
    ruby2_keywords (0.0.5)
    sinatra (3.0.5)
      mustermann (~> 3.0)
      rack (~> 2.2, >= 2.2.4)
      rack-protection (= 3.0.5)
      tilt (~> 2.0)
    tilt (2.1.0)

PLATFORMS
  ruby
  x64-mingw32

DEPENDENCIES
  byebug
  sinatra

BUNDLED WITH
   1.10.6
